GEM
  remote: https://rubygems.org/
  specs:
    byebug (8.2.1)
    curb (0.9.0)
    flog (4.3.2)
      ruby_parser (~> 3.1, > 3.1.0)
      sexp_processor (~> 4.4)
    json (1.8.3)
    ruby_parser (3.7.2)
      sexp_processor (~> 4.1)
    sexp_processor (4.6.0)

PLATFORMS
  ruby

DEPENDENCIES
  byebug
  curb
  flog
  json

BUNDLED WITH
   1.11.2
